GEM
  remote: https://rubygems.org/
  specs:
    actioncable (5.2.4.1)
      actionpack (= 5.2.4.1)
      nio4r (~> 2.0)
      websocket-driver (>= 0.6.1)
    actionmailer (5.2.4.1)
      actionpack (= 5.2.4.1)
      actionview (= 5.2.4.1)
      activejob (= 5.2.4.1)
      mail (~> 2.5, >= 2.5.4)
      rails-dom-testing (~> 2.0)
    actionpack (5.2.4.1)
      actionview (= 5.2.4.1)
      activesupport (= 5.2.4.1)
      rack (~> 2.0, >= 2.0.8)
      rack-test (>= 0.6.3)
      rails-dom-testing (~> 2.0)
      rails-html-sanitizer (~> 1.0, >= 1.0.2)
    actionview (5.2.4.1)
      activesupport (= 5.2.4.1)
      builder (~> 3.1)
      erubi (~> 1.4)
      rails-dom-testing (~> 2.0)
      rails-html-sanitizer (~> 1.0, >= 1.0.3)
    activejob (5.2.4.1)
      activesupport (= 5.2.4.1)
      globalid (>= 0.3.6)
    activemodel (5.2.4.1)
      activesupport (= 5.2.4.1)
    activerecord (5.2.4.1)
      activemodel (= 5.2.4.1)
      activesupport (= 5.2.4.1)
      arel (>= 9.0)
    activestorage (5.2.4.1)
      actionpack (= 5.2.4.1)
      activerecord (= 5.2.4.1)
      marcel (~> 0.3.1)
    activesupport (5.2.4.1)
      concurrent-ruby (~> 1.0, >= 1.0.2)
      i18n (>= 0.7, < 2)
      minitest (~> 5.1)
      tzinfo (~> 1.1)
    annotate (3.1.0)
      activerecord (>= 3.2, < 7.0)
      rake (>= 10.4, < 14.0)
    arel (9.0.0)
    babel-source (5.8.35)
    babel-transpiler (0.7.0)
      babel-source (>= 4.0, < 6)
      execjs (~> 2.0)
    bcrypt (3.1.13)
    bonsai-elasticsearch-rails (7.0.1)
      elasticsearch-model (< 8)
      elasticsearch-rails (< 8)
    builder (3.2.4)
    byebug (11.1.1)
    coffee-rails (5.0.0)
      coffee-script (>= 2.2.0)
      railties (>= 5.2.0)
    coffee-script (2.4.1)
      coffee-script-source
      execjs
    coffee-script-source (1.12.2)
    concurrent-ruby (1.1.6)
    connection_pool (2.2.2)
    crass (1.0.6)
    diff-lcs (1.3)
    elasticsearch (7.4.0)
      elasticsearch-api (= 7.4.0)
      elasticsearch-transport (= 7.4.0)
    elasticsearch-api (7.4.0)
      multi_json
    elasticsearch-model (7.0.0)
      activesupport (> 3)
      elasticsearch (> 1)
      hashie
    elasticsearch-rails (7.0.0)
    elasticsearch-transport (7.4.0)
      faraday
      multi_json
    erubi (1.9.0)
    execjs (2.7.0)
    factory_bot (5.1.1)
      activesupport (>= 4.2.0)
    factory_bot_rails (5.1.1)
      factory_bot (~> 5.1.0)
      railties (>= 4.2.0)
    faker (2.10.2)
      i18n (>= 1.6, < 2)
    faraday (1.0.0)
      multipart-post (>= 1.2, < 3)
    ffi (1.12.2)
    globalid (0.4.2)
      activesupport (>= 4.2.0)
    hashie (4.1.0)
    i18n (1.8.2)
      concurrent-ruby (~> 1.0)
    jbuilder (2.10.0)
      activesupport (>= 5.0.0)
    jquery-rails (4.3.5)
      rails-dom-testing (>= 1, < 3)
      railties (>= 4.2.0)
      thor (>= 0.14, < 2.0)
    jwt (2.2.1)
    kaminari (1.2.0)
      activesupport (>= 4.1.0)
      kaminari-actionview (= 1.2.0)
      kaminari-activerecord (= 1.2.0)
      kaminari-core (= 1.2.0)
    kaminari-actionview (1.2.0)
      actionview
      kaminari-core (= 1.2.0)
    kaminari-activerecord (1.2.0)
      activerecord
      kaminari-core (= 1.2.0)
    kaminari-core (1.2.0)
    loofah (2.4.0)
      crass (~> 1.0.2)
      nokogiri (>= 1.5.9)
    mail (2.7.1)
      mini_mime (>= 0.1.1)
    marcel (0.3.3)
      mimemagic (~> 0.3.2)
    method_source (1.0.0)
    mimemagic (0.3.4)
    mini_mime (1.0.2)
    mini_portile2 (2.4.0)
    minitest (5.14.0)
    multi_json (1.14.1)
    multi_xml (0.6.0)
    multipart-post (2.1.1)
    nio4r (2.5.8)
    nokogiri (1.10.9)
      mini_portile2 (~> 2.4.0)
    oauth (0.5.4)
    oauth2 (1.4.4)
      faraday (>= 0.8, < 2.0)
      jwt (>= 1.0, < 3.0)
      multi_json (~> 1.3)
      multi_xml (~> 0.5)
      rack (>= 1.2, < 3)
    pg (1.2.3)
    puma (4.3.12)
      nio4r (~> 2.0)
    rack (2.2.2)
    rack-proxy (0.6.5)
      rack
    rack-test (1.1.0)
      rack (>= 1.0, < 3)
    rails (5.2.4.1)
      actioncable (= 5.2.4.1)
      actionmailer (= 5.2.4.1)
      actionpack (= 5.2.4.1)
      actionview (= 5.2.4.1)
      activejob (= 5.2.4.1)
      activemodel (= 5.2.4.1)
      activerecord (= 5.2.4.1)
      activestorage (= 5.2.4.1)
      activesupport (= 5.2.4.1)
      bundler (>= 1.3.0)
      railties (= 5.2.4.1)
      sprockets-rails (>= 2.0.0)
    rails-dom-testing (2.0.3)
      activesupport (>= 4.2.0)
      nokogiri (>= 1.6)
    rails-html-sanitizer (1.3.0)
      loofah (~> 2.3)
    railties (5.2.4.1)
      actionpack (= 5.2.4.1)
      activesupport (= 5.2.4.1)
      method_source
      rake (>= 0.8.7)
      thor (>= 0.19.0, < 2.0)
    rake (13.0.1)
    react-rails (2.6.1)
      babel-transpiler (>= 0.7.0)
      connection_pool
      execjs
      railties (>= 3.2)
      tilt
    rspec-core (3.9.1)
      rspec-support (~> 3.9.1)
    rspec-expectations (3.9.1)
      diff-lcs (>= 1.2.0, < 2.0)
      rspec-support (~> 3.9.0)
    rspec-mocks (3.9.1)
      diff-lcs (>= 1.2.0, < 2.0)
      rspec-support (~> 3.9.0)
    rspec-rails (3.9.1)
      actionpack (>= 3.0)
      activesupport (>= 3.0)
      railties (>= 3.0)
      rspec-core (~> 3.9.0)
      rspec-expectations (~> 3.9.0)
      rspec-mocks (~> 3.9.0)
      rspec-support (~> 3.9.0)
    rspec-support (3.9.2)
    sass-rails (6.0.0)
      sassc-rails (~> 2.1, >= 2.1.1)
    sassc (2.2.1)
      ffi (~> 1.9)
    sassc-rails (2.1.2)
      railties (>= 4.0.0)
      sassc (>= 2.0)
      sprockets (> 3.0)
      sprockets-rails
      tilt
    semantic_range (2.3.0)
    shoulda (3.6.0)
      shoulda-context (~> 1.0, >= 1.0.1)
      shoulda-matchers (~> 3.0)
    shoulda-context (1.2.2)
    shoulda-matchers (3.1.3)
      activesupport (>= 4.0.0)
    sorcery (0.14.0)
      bcrypt (~> 3.1)
      oauth (~> 0.4, >= 0.4.4)
      oauth2 (~> 1.0, >= 0.8.0)
    sprockets (4.0.0)
      concurrent-ruby (~> 1.0)
      rack (> 1, < 3)
    sprockets-rails (3.2.1)
      actionpack (>= 4.0)
      activesupport (>= 4.0)
      sprockets (>= 3.0.0)
    sqlite3 (1.4.2)
    thor (1.0.1)
    thread_safe (0.3.6)
    tilt (2.0.10)
    turbolinks (5.2.1)
      turbolinks-source (~> 5.2)
    turbolinks-source (5.2.0)
    tzinfo (1.2.6)
      thread_safe (~> 0.1)
    uglifier (4.2.0)
      execjs (>= 0.3.0, < 3)
    webpacker (5.0.0)
      activesupport (>= 5.2)
      rack-proxy (>= 0.6.1)
      railties (>= 5.2)
      semantic_range (>= 2.3.0)
    websocket-driver (0.7.1)
      websocket-extensions (>= 0.1.0)
    websocket-extensions (0.1.4)

PLATFORMS
  ruby

DEPENDENCIES
  annotate
  bonsai-elasticsearch-rails
  byebug
  coffee-rails
  elasticsearch-model
  elasticsearch-rails
  factory_bot_rails
  faker (> 1.5.0)
  jbuilder
  jquery-rails
  kaminari
  pg
  puma
  rails (= 5.2.4.1)
  react-rails
  rspec-rails
  sass-rails
  shoulda
  sorcery
  sqlite3
  turbolinks
  tzinfo-data
  uglifier
  webpacker

RUBY VERSION
   ruby 2.5.7p206

BUNDLED WITH
   2.1.4
